GEM
  remote: https://rubygems.org/
  specs:
    mail (2.7.1)
      mini_mime (>= 0.1.1)
    mini_mime (1.1.1)
    multi_json (1.15.0)
    mustermann (2.0.2)
      ruby2_keywords (~> 0.0.1)
    pony (1.13.1)
      mail (>= 2.0)
    rack (2.2.4)
    rack-protection (2.2.3)
      rack
    ruby2_keywords (0.0.5)
    sinatra (2.2.3)
      mustermann (~> 2.0)
      rack (~> 2.2)
      rack-protection (= 2.2.3)
      tilt (~> 2.0)
    sinatra-contrib (2.2.3)
      multi_json
      mustermann (~> 2.0)
      rack-protection (= 2.2.3)
      sinatra (= 2.2.3)
      tilt (~> 2.0)
    sinatra-reloader (1.0)
      sinatra-contrib
    tilt (2.0.11)

PLATFORMS
  x86_64-linux

DEPENDENCIES
  pony
  sinatra (>= 2.1.0)
  sinatra-reloader

BUNDLED WITH
   2.2.27
